GIT
  remote: git://github.com/spree/endpoint_base.git
  revision: b3077af5b54ba18ed47bdbef01395b0027ad6637
  specs:
    endpoint_base (0.3)
      activesupport
      jbuilder
      json

GEM
  remote: https://rubygems.org/
  specs:
    activesupport (4.2.3)
      i18n (~> 0.7)
      json (~> 1.7, >= 1.7.7)
      minitest (~> 5.1)
      thread_safe (~> 0.3, >= 0.3.4)
      tzinfo (~> 1.1)
    addressable (2.3.8)
    bugsnag (2.8.10)
      json (~> 1.7, >= 1.7.7)
    crack (0.4.2)
      safe_yaml (~> 1.0.0)
    diff-lcs (1.2.5)
    dotenv (2.0.2)
    excon (0.79.0)
    foreman (0.78.0)
      thor (~> 0.19.1)
    i18n (0.7.0)
    jbuilder (2.3.1)
      activesupport (>= 3.0.0, < 5)
      multi_json (~> 1.2)
    jeff (1.5.0)
      excon (>= 0.22.1)
    json (1.8.3)
    kgio (2.9.3)
    minitest (5.7.0)
    multi_json (1.11.2)
    multi_xml (0.5.5)
    peddler (0.17.1)
      jeff (~> 1.3)
      multi_xml (~> 0.5.0)
    rack (1.6.4)
    rack-protection (1.5.3)
      rack
    rack-test (0.6.3)
      rack (>= 1.0)
    raindrops (0.15.0)
    redis (3.2.1)
    rspec (3.3.0)
      rspec-core (~> 3.3.0)
      rspec-expectations (~> 3.3.0)
      rspec-mocks (~> 3.3.0)
    rspec-core (3.3.2)
      rspec-support (~> 3.3.0)
    rspec-expectations (3.3.1)
      diff-lcs (>= 1.2.0, < 2.0)
      rspec-support (~> 3.3.0)
    rspec-mocks (3.3.2)
      diff-lcs (>= 1.2.0, < 2.0)
      rspec-support (~> 3.3.0)
    rspec-support (3.3.0)
    safe_yaml (1.0.4)
    simple_command (0.0.9)
    sinatra (1.4.6)
      rack (~> 1.4)
      rack-protection (~> 1.4)
      tilt (>= 1.3, < 3)
    thor (0.19.1)
    thread_safe (0.3.5)
    tilt (1.4.1)
    tilt-jbuilder (0.7.0)
      jbuilder
      tilt (>= 1.3.0, < 3)
    tzinfo (1.2.2)
      thread_safe (~> 0.1)
    unicorn (4.9.0)
      kgio (~> 2.6)
      rack
      raindrops (~> 0.7)
    webmock (1.21.0)
      addressable (>= 2.3.6)
      crack (>= 0.3.2)

PLATFORMS
  ruby

DEPENDENCIES
  bugsnag (~> 2.8)
  dotenv (~> 2.0)
  endpoint_base!
  foreman
  peddler (~> 0.17)
  rack-test (~> 0.6)
  redis (~> 3.2)
  rspec (~> 3.3)
  simple_command (~> 0.0.9)
  sinatra
  tilt (~> 1.4.1)
  tilt-jbuilder
  unicorn (~> 4.9)
  webmock (~> 1.21)
